GEM
  remote: https://rubygems.org/
  specs:
    liquid (3.0.1)

PLATFORMS
  java
  ruby

DEPENDENCIES
  liquid
