GEM
  remote: https://rubygems.org/
  specs:
    liquid (3.0.1)

PLATFORMS
  java

DEPENDENCIES
  liquid

BUNDLED WITH
   1.10.2
